PATH
  remote: ./stint/stint
  specs:
    stint (0.0.1)

GEM
  remote: http://rubygems.org/
  specs:
    addressable (2.2.6)
    encryptor (1.1.3)
    faraday (0.7.6)
      addressable (~> 2.2)
      multipart-post (~> 1.1)
      rack (~> 1.1)
    faraday_middleware (0.8.7)
      faraday (>= 0.7.4, < 0.9)
    ghee (0.9.1)
      faraday
      faraday_middleware
      multi_json
      yajl-ruby
    json (1.6.5)
    mime-types (1.17.2)
    multi_json (1.0.4)
    multipart-post (1.1.4)
    oauth2 (0.5.2)
      faraday (~> 0.7)
      multi_json (~> 1.0)
    rack (1.4.1)
    rack-no-www (0.0.2)
    rack-protection (1.2.0)
      rack
    rdiscount (1.6.8)
    rest-client (1.6.7)
      mime-types (>= 1.16)
    shotgun (0.9)
      rack (>= 1.0)
    sinatra (1.3.2)
      rack (~> 1.3, >= 1.3.6)
      rack-protection (~> 1.2)
      tilt (~> 1.3, >= 1.3.3)
    sinatra-content-for (0.1)
      sinatra
    sinatra_auth_github (0.3.1)
      rest-client (~> 1.6.1)
      sinatra (~> 1.0)
      warden-github (~> 0.3.0)
      yajl-ruby (~> 1.1)
    tilt (1.3.3)
    warden (1.1.0)
      rack (>= 1.0)
    warden-github (0.3.1)
      json (~> 1.5)
      oauth2 (~> 0.5.2)
      warden (~> 1.0)
    watchr (0.7)
    yajl-ruby (1.1.0)

PLATFORMS
  ruby

DEPENDENCIES
  encryptor
  ghee
  rack-no-www
  rdiscount
  shotgun
  sinatra
  sinatra-content-for (~> 0.1.0)
  sinatra_auth_github
  stint!
  watchr
