PATH
  remote: ./stint/stint
  specs:
    stint (0.0.1)

GEM
  remote: http://rubygems.org/
  specs:
    addressable (2.2.6)
    encryptor (1.1.3)
    faraday (0.6.1)
      addressable (~> 2.2.4)
      multipart-post (~> 1.1.0)
      rack (>= 1.1.0, < 2)
    httparty (0.8.1)
      multi_json
      multi_xml
    json (1.6.3)
    mime-types (1.17.2)
    multi_json (1.0.3)
    multi_xml (0.4.1)
    multipart-post (1.1.4)
    oauth2 (0.4.1)
      faraday (~> 0.6.1)
      multi_json (>= 0.0.5)
    rack (1.3.5)
    rack-no-www (0.0.2)
    rack-protection (1.1.4)
      rack
    rest-client (1.6.7)
      mime-types (>= 1.16)
    sinatra (1.3.1)
      rack (~> 1.3, >= 1.3.4)
      rack-protection (~> 1.1, >= 1.1.2)
      tilt (~> 1.3, >= 1.3.3)
    sinatra-content-for (0.2)
      sinatra
    sinatra_auth_github (0.1.5)
      rest-client (~> 1.6.1)
      sinatra (~> 1.0)
      warden-github (~> 0.1.1)
    tilt (1.3.3)
    warden (1.0.6)
      rack (>= 1.0)
    warden-github (0.1.1)
      json (~> 1.5)
      oauth2 (~> 0.4.1)
      warden (~> 1.0.4)
    watchr (0.7)

PLATFORMS
  ruby

DEPENDENCIES
  encryptor
  httparty
  rack-no-www
  sinatra
  sinatra-content-for
  sinatra_auth_github
  stint!
  watchr
