GIT
  remote: git://github.com/maccman/sinatra-contrib.git
  revision: 3dde2819a31791a9124d916c4449df0741af45f9
  specs:
    sinatra-contrib (1.4.1)
      multi_json
      rack-protection
      rack-test
      sinatra (~> 1.4.0)
      tilt (~> 1.3)

GIT
  remote: https://github.com/stripe/stripe-ruby
  revision: 06c860aeeac012f251807322e49eb5eeb0380a58
  specs:
    stripe (1.8.6)
      multi_json (>= 1.0.4, < 2)
      rest-client (~> 1.4)

GEM
  remote: https://rubygems.org/
  specs:
    activesupport (3.2.9)
      i18n (~> 0.6)
      multi_json (~> 1.0)
    addressable (2.3.5)
    better_errors (1.1.0)
      coderay (>= 1.0.0)
      erubis (>= 2.6.6)
    binding_of_caller (0.7.2)
      debug_inspector (>= 0.0.1)
    celluloid (0.15.2)
      timers (~> 1.1.0)
    closure-compiler (1.1.10)
    coderay (1.0.9)
    connection_pool (1.2.0)
    daemons (1.1.9)
    dalli (2.6.4)
    debug_inspector (0.0.2)
    dotenv (0.11.1)
      dotenv-deployment (~> 0.0.2)
    dotenv-deployment (0.0.2)
    encryptor (1.1.3)
    erubis (2.7.0)
    eventmachine (1.0.0)
    excon (0.25.3)
    execjs (1.4.0)
      multi_json (~> 1.0)
    faraday (0.8.9)
      multipart-post (~> 1.2.0)
    faraday_middleware (0.9.0)
      faraday (>= 0.7.4, < 0.9)
    foreman (0.60.2)
      thor (>= 0.13.6)
    ghee (0.9.11)
      faraday (>= 0.8, < 0.9)
      faraday_middleware (~> 0.9)
      hashie (~> 1.2)
      highline (~> 1.6.15)
      multi_json (~> 1.3)
    hashie (1.2.0)
    heroku (2.40.0)
      heroku-api (~> 0.3.7)
      launchy (>= 0.3.2)
      netrc (~> 0.7.7)
      rest-client (~> 1.6.1)
      rubyzip
    heroku-api (0.3.15)
      excon (~> 0.25.1)
    highline (1.6.21)
    hike (1.2.3)
    httparty (0.11.0)
      multi_json (~> 1.0)
      multi_xml (>= 0.5.2)
    i18n (0.6.1)
    interception (0.4)
    json (1.7.7)
    kgio (2.9.2)
    launchy (2.3.0)
      addressable (~> 2.3)
    method_source (0.8.2)
    mime-types (1.24)
    multi_json (1.10.1)
    multi_xml (0.5.5)
    multipart-post (1.2.0)
    netrc (0.7.7)
    newrelic_rpm (3.5.6.55)
    octokit (2.7.0)
      sawyer (~> 0.5.2)
    pry (0.9.12.2)
      coderay (~> 1.0.5)
      method_source (~> 0.8)
      slop (~> 3.4)
    pry-rescue (1.4.0)
      interception (>= 0.4)
      pry
    pry-stack_explorer (0.4.9.1)
      binding_of_caller (>= 0.7)
      pry (>= 0.9.11)
    rack (1.5.2)
    rack-cache (1.2)
      rack (>= 0.4)
    rack-no-www (0.0.2)
    rack-protection (1.5.2)
      rack
    rack-robustness (1.1.0)
    rack-ssl (1.3.3)
      rack
    rack-standards (0.0.1)
    rack-test (0.6.2)
      rack (>= 1.0)
    raindrops (0.13.0)
    rake (10.1.0)
    raygun4ruby (1.1.3)
      httparty (~> 0.11)
      json
      rack
    rdiscount (1.6.8)
    redis (3.0.7)
    rest-client (1.6.7)
      mime-types (>= 1.16)
    rubyzip (0.9.9)
    sass (3.3.9)
    sawyer (0.5.2)
      addressable (~> 2.3.5)
      faraday (~> 0.8, < 0.10)
    shotgun (0.9)
      rack (>= 1.0)
    sinatra (1.4.4)
      rack (~> 1.4)
      rack-protection (~> 1.4)
      tilt (~> 1.3, >= 1.3.4)
    sinatra-pubsub (0.0.7)
      redis (~> 3.0.4)
      sinatra (~> 1.4.3)
    slim (2.0.1)
      temple (~> 0.6.6)
      tilt (>= 1.3.3, < 2.1)
    slop (3.4.6)
    sprockets (2.12.1)
      hike (~> 1.2)
      multi_json (~> 1.0)
      rack (~> 1.0)
      tilt (~> 1.1, != 1.3.0)
    sprockets-helpers (1.1.0)
      sprockets (~> 2.0)
    sprockets-memcache-store (0.0.2)
      dalli
    sucker_punch (1.0.2)
      celluloid (~> 0.15.1)
    temple (0.6.6)
    thin (1.5.0)
      daemons (>= 1.0.9)
      eventmachine (>= 0.12.6)
      rack (>= 1.0.0)
    thor (0.16.0)
    tilt (1.4.1)
    timers (1.1.0)
    uglifier (2.2.1)
      execjs (>= 0.3.0)
      multi_json (~> 1.0, >= 1.0.2)
    unicorn (4.8.3)
      kgio (~> 2.6)
      rack
      raindrops (~> 0.7)
    warden (1.2.3)
      rack (>= 1.0)
    warden-github (1.0.0)
      octokit (> 2.1.0)
      warden (> 1.0)
    yui-compressor (0.12.0)

PLATFORMS
  ruby

DEPENDENCIES
  activesupport
  addressable
  better_errors
  closure-compiler
  connection_pool
  dalli
  dotenv
  encryptor
  erubis
  eventmachine
  execjs (~> 1.4)
  foreman
  ghee
  heroku
  i18n
  kgio
  newrelic_rpm
  octokit
  pry
  pry-rescue
  pry-stack_explorer
  rack-cache
  rack-no-www
  rack-robustness
  rack-ssl
  rack-standards
  rake
  raygun4ruby
  rdiscount
  sass (~> 3.3.9)
  shotgun
  sinatra (~> 1.4.0)
  sinatra-contrib!
  sinatra-pubsub
  slim
  sprockets
  sprockets-helpers
  sprockets-memcache-store
  stripe!
  sucker_punch (~> 1.0)
  thin
  uglifier
  unicorn
  warden-github
  yui-compressor
