GIT
  remote: https://github.com/stripe/stripe-ruby
  revision: fd09e677311d7d78a02af9b6c7f61b3a2c3b752d
  specs:
    stripe (1.8.4)
      multi_json (>= 1.0.4, < 2)
      rest-client (~> 1.4)

GEM
  remote: https://rubygems.org/
  specs:
    activesupport (3.2.9)
      i18n (~> 0.6)
      multi_json (~> 1.0)
    addressable (2.3.5)
    bourbon (3.0.1)
      sass (>= 3.2.0)
      thor
    coffee-script (2.2.0)
      coffee-script-source
      execjs
    coffee-script-source (1.6.3)
    couch_docs (1.1.0)
      directory_watcher (>= 1.3.1)
      json (>= 1.2.0)
      rest-client (>= 1.1.0)
    couchrest (1.2.0)
      mime-types (~> 1.15)
      multi_json (~> 1.0)
      rest-client (~> 1.6.1)
    daemons (1.1.9)
    directory_watcher (1.5.1)

    dalli (2.6.4)
    encryptor (1.1.3)
    eventmachine (1.0.0)
    excon (0.25.3)
    execjs (1.4.0)
      multi_json (~> 1.0)
    faraday (0.8.4)
      multipart-post (~> 1.1)
    faraday_middleware (0.9.0)
      faraday (>= 0.7.4, < 0.9)
    foreman (0.60.2)
      thor (>= 0.13.6)
    ghee (0.9.10)
      faraday (~> 0.8)
      faraday_middleware (~> 0.9)
      hashie (~> 1.2)
      highline (~> 1.6.15)
      multi_json (~> 1.3)
    hashie (1.2.0)
    hike (1.2.3)
    i18n (0.6.1)
    json (1.7.5)
    kgio (2.8.0)
    mime-types (1.19)
    multi_json (1.5.0)
    multipart-post (1.1.5)
    newrelic_rpm (3.5.6.55)
    oauth2 (0.5.2)
      faraday (~> 0.7)
      multi_json (~> 1.0)
    octokit (1.19.0)
    heroku (2.40.0)
      heroku-api (~> 0.3.7)
      launchy (>= 0.3.2)
      netrc (~> 0.7.7)
      rest-client (~> 1.6.1)
      rubyzip
    heroku-api (0.3.15)
      excon (~> 0.25.1)
    highline (1.6.19)
    i18n (0.6.1)
    json (1.7.5)
    kgio (2.8.0)
    launchy (2.3.0)
      addressable (~> 2.3)
    mime-types (1.24)
    multi_json (1.7.8)
    multipart-post (1.2.0)
    netrc (0.7.7)
    newrelic_rpm (3.5.6.55)
    oauth2 (0.5.2)
      faraday (~> 0.7)
      multi_json (~> 1.0)
    octokit (1.23.0)
      addressable (~> 2.2)
      faraday (~> 0.8)
      faraday_middleware (~> 0.9)
      hashie (~> 1.2)
      multi_json (~> 1.3)
      netrc (~> 0.7.7)
    rack (1.5.2)
    rack-cache (1.2)
      rack (>= 0.4)
    rack-no-www (0.0.2)
    rack-protection (1.2.0)
      rack
    rack-robustness (1.1.0)
    raindrops (0.10.0)
    rdiscount (1.6.8)
    rest-client (1.6.7)
      mime-types (>= 1.16)
    rubyzip (0.9.9)
    sass (3.2.3)
    shotgun (0.9)
      rack (>= 1.0)
    sinatra (1.3.3)
      rack (~> 1.3, >= 1.3.6)
      rack-protection (~> 1.2)
      tilt (~> 1.3, >= 1.3.3)
    sinatra-content-for (0.1)
      sinatra
    slim (2.0.1)
      temple (~> 0.6.6)
      tilt (>= 1.3.3, < 2.1)
    temple (0.6.6)
    thin (1.5.0)
      daemons (>= 1.0.9)
      eventmachine (>= 0.12.6)
      rack (>= 1.0.0)
    thor (0.16.0)
    tilt (1.3.3)
    unicorn (4.6.0)
      kgio (~> 2.6)
      rack
      raindrops (~> 0.7)
    warden (1.2.3)
      rack (>= 1.0)
    warden-github (0.14.0)
      octokit (>= 1.22.0)
      warden (> 1.0)
    watchr (0.7)

PLATFORMS
  ruby

DEPENDENCIES
  activesupport
  addressable
  bourbon
  coffee-script
  couch_docs
  dalli
  encryptor
  foreman
  ghee
  heroku
  kgio
  newrelic_rpm
  octokit
  rack-cache
  rack-no-www
  rack-robustness
  rdiscount
  sass
  shotgun
  sinatra (~> 1.3.0)
  sinatra-content-for (~> 0.1.0)
  slim
  sprockets
  stripe!
  thin
  unicorn
  warden-github
  watchr
